GEM
  remote: http://rubygems.org/
  specs:
    json (1.5.3)
    oauth (0.4.5)
    psych (1.2.0)
    rubytter (1.4.2)
      json (>= 1.1.3)
      oauth (>= 0.3.6)

PLATFORMS
  ruby

DEPENDENCIES
  psych
  rubytter
